GEM
  remote: http://rubygems.org/
  specs:
    akami (1.2.0)
      gyoku (>= 0.4.0)
      nokogiri (>= 1.4.0)
    backports (3.3.0)
    builder (3.2.0)
    contest (0.1.2)
    daemons (1.1.9)
    eventmachine (1.0.3)
    eventmachine (1.0.3-x86-mingw32)
    faker (0.3.1)
    gyoku (1.0.0)
      builder (>= 2.1.2)
    haml (3.1.7)
    hoe (3.6.0)
      rake (>= 0.8, < 11.0)
    httpi (2.0.2)
      rack
    json (1.7.7)
    jwt (0.1.8)
      multi_json (>= 1.5)
    maruku (0.6.1)
      syntax (>= 1.0.0)
    multi_json (1.7.3)
    nokogiri (1.5.9)
    nokogiri (1.5.9-x86-mingw32)
    nori (2.1.0)
    override (0.0.10)
    quietbacktrace (0.1.1)
      hoe (>= 1.3.0)
    rack (1.5.2)
    rack-flash (0.1.2)
      rack
    rack-protection (1.5.0)
      rack
    rack-test (0.5.3)
      rack (>= 1.0)
    rake (10.0.4)
    sass (3.2.8)
    savon (2.2.0)
      akami (~> 1.2.0)
      builder (>= 2.1.2)
      gyoku (~> 1.0.0)
      httpi (~> 2.0.2)
      nokogiri (>= 1.4.0)
      nori (~> 2.1.0)
      wasabi (~> 3.1.0)
    sinatra (1.4.2)
      rack (~> 1.5, >= 1.5.2)
      rack-protection (~> 1.4)
      tilt (~> 1.3, >= 1.3.4)
    sinatra-contrib (1.4.0)
      backports (>= 2.0)
      eventmachine
      rack-protection
      rack-test
      sinatra (~> 1.4.2)
      tilt (~> 1.3)
    spawn (0.1.3)
    stories (0.1.3)
      contest (~> 0.1)
    syntax (1.0.0)
    thin (1.5.1)
      daemons (>= 1.0.9)
      eventmachine (>= 0.12.6)
      rack (>= 1.0.0)
    tilt (1.4.1)
    wasabi (3.1.0)
      httpi (~> 2.0)
      nokogiri (>= 1.4.0)
    webrat (0.7.0)
      nokogiri (>= 1.2.0)
      rack (>= 1.0)
      rack-test (>= 0.5.3)

PLATFORMS
  ruby
  x86-mingw32

DEPENDENCIES
  contest (= 0.1.2)
  faker (= 0.3.1)
  haml (= 3.1.7)
  json
  jwt
  maruku
  override (= 0.0.10)
  quietbacktrace
  rack
  rack-flash
  rack-test (= 0.5.3)
  sass
  savon
  sinatra
  sinatra-contrib
  spawn (= 0.1.3)
  stories (= 0.1.3)
  thin
  webrat (= 0.7.0)
